GEM
  remote: https://rubygems.org/
  specs:
    addressable (2.6.0)
      public_suffix (>= 2.0.2, < 4.0)
    ecma-re-validator (0.2.0)
      regexp_parser (~> 1.2)
    hana (1.3.5)
    json-schema (2.8.1)
      addressable (>= 2.4)
    json_schema (0.20.6)
    json_schemer (0.2.0)
      ecma-re-validator (~> 0.2.0)
      hana (~> 1.3.3)
      regexp_parser (~> 1.2.0)
      uri_template (~> 0.7.0)
    public_suffix (3.1.0)
    rake (12.3.2)
    rake-compiler (1.0.7)
      rake
    regexp_parser (1.2.0)
    rj_schema (0.2.0)
      rake-compiler (~> 1.0)
    uri_template (0.7.0)

PLATFORMS
  ruby

DEPENDENCIES
  json-schema!
  json_schema!
  json_schemer!
  rj_schema!

BUNDLED WITH
   1.17.2
